GEM
  remote: https://rubygems.org/
  specs:
    iodine (0.7.49)
    mustermann (3.0.0)
      ruby2_keywords (~> 0.0.1)
    rack (2.2.4)
    rack-protection (3.0.0)
      rack
    ruby2_keywords (0.0.5)
    sinatra (3.0.0)
      mustermann (~> 3.0)
      rack (~> 2.2, >= 2.2.4)
      rack-protection (= 3.0.0)
      tilt (~> 2.0)
    tilt (2.0.11)

PLATFORMS
  arm-linux-musleabihf
  x86_64-darwin-21

DEPENDENCIES
  iodine
  rack
  sinatra

RUBY VERSION
   ruby 3.1.2p20

BUNDLED WITH
   2.3.7
